GIT
  remote: https://github.com/flexera-public/right_http_connection
  revision: e5482b9d9573a030030047e331bfd221dfb16ce1
  specs:
    right_http_connection (1.4.0)

GEM
  remote: http://rubygems.org/
  specs:
    docile (1.1.5)
    libxml-ruby (2.8.0)
    multi_json (1.15.0)
    rake (10.4.2)
    simplecov (0.9.2)
      docile (~> 1.1.0)
      multi_json (~> 1.0)
      simplecov-html (~> 0.9.0)
    simplecov-html (0.9.0)

PLATFORMS
  ruby

DEPENDENCIES
  libxml-ruby (~> 0.5.2)
  rake
  rcov
  right_http_connection (>= 1.2.5)!
  simplecov (= 0.9.2)

BUNDLED WITH
   1.15.1
