GIT
  remote: https://github.com/flexera-public/right_http_connection
  revision: 0d28d3d43a43a9a8592bcc615707872bf3c9735a
  specs:
    right_http_connection (1.5.1)

GEM
  remote: http://rubygems.org/
  specs:
    libxml-ruby (2.8.0)
    rake (10.4.2)

PLATFORMS
  ruby

DEPENDENCIES
  libxml-ruby (= 2.8.0)
  rake (= 10.4.2)
  right_http_connection (>= 1.5.0)!

BUNDLED WITH
   1.15.1
