GIT
  remote: git@github.com:rightscale/right_http_connection.git
  revision: e5482b9d9573a030030047e331bfd221dfb16ce1
  specs:
    right_http_connection (1.4.0)

GEM
  remote: http://rubygems.org/
  specs:
    libxml-ruby (0.5.2.0)
    rake (0.8.7)
    rcov (0.8.1.2.0)

PLATFORMS
  ruby

DEPENDENCIES
  libxml-ruby (~> 0.5.2)
  rake
  rcov
  right_http_connection (>= 1.2.5)!
